PATH
  remote: .
  specs:
    bigcommerce (0.0.6)
      activesupport
      json

GEM
  remote: http://rubygems.org/
  specs:
    activesupport (3.2.9)
      i18n (~> 0.6)
      multi_json (~> 1.0)
    builder (3.1.4)
    ci_reporter (1.7.3)
      builder (>= 2.1.2)
    diff-lcs (1.1.3)
    fakeweb (1.3.0)
    i18n (0.6.1)
    json (1.7.5)
    metaclass (0.0.1)
    mocha (0.12.4)
      metaclass (~> 0.0.1)
    multi_json (1.3.6)
    rake (0.9.2.2)
    rspec (2.11.0)
      rspec-core (~> 2.11.0)
      rspec-expectations (~> 2.11.0)
      rspec-mocks (~> 2.11.0)
    rspec-core (2.11.1)
    rspec-expectations (2.11.3)
      diff-lcs (~> 1.1.3)
    rspec-mocks (2.11.2)

PLATFORMS
  ruby

DEPENDENCIES
  bigcommerce!
  ci_reporter
  fakeweb
  mocha
  rake
  rspec (~> 2.11)
