PATH
  remote: .
  specs:
    bigcommerce (0.0.5)
      json

GEM
  remote: http://rubygems.org/
  specs:
    fakeweb (1.3.0)
    json (1.6.5)
    metaclass (0.0.1)
    mocha (0.10.5)
      metaclass (~> 0.0.1)
    rake (0.9.2.2)

PLATFORMS
  ruby

DEPENDENCIES
  bigcommerce!
  fakeweb
  mocha
  rake
