PATH
  remote: .
  specs:
    bigcommerce (0.0.5)
      json

GEM
  remote: http://rubygems.org/
  specs:
    diff-lcs (1.1.3)
    fakeweb (1.3.0)
    json (1.6.5)
    metaclass (0.0.1)
    mocha (0.12.4)
      metaclass (~> 0.0.1)
    rake (0.9.2.2)
    rspec (2.11.0)
      rspec-core (~> 2.11.0)
      rspec-expectations (~> 2.11.0)
      rspec-mocks (~> 2.11.0)
    rspec-core (2.11.1)
    rspec-expectations (2.11.3)
      diff-lcs (~> 1.1.3)
    rspec-mocks (2.11.2)

PLATFORMS
  ruby

DEPENDENCIES
  bigcommerce!
  fakeweb
  mocha
  rake
  rspec (~> 2.11)
